GIT
  remote: git://github.com/mislav/will_paginate.git
  revision: f169dcc1fbb8ab2600103dd5cde9b7c3b45bf763
  specs:
    will_paginate (2.3.15)

GEM
  remote: http://rubygems.org/
  specs:
    actionmailer (2.3.8)
      actionpack (= 2.3.8)
    actionpack (2.3.8)
      activesupport (= 2.3.8)
      rack (~> 1.1.0)
    activerecord (2.3.8)
      activesupport (= 2.3.8)
    activeresource (2.3.8)
      activesupport (= 2.3.8)
    activesupport (2.3.8)
    addressable (2.2.4)
    ajaxful_rating (2.2.8.2)
    authlogic (2.1.6)
      activesupport
    disqus (1.0.4)
      json
    faraday (0.5.7)
      addressable (~> 2.2.4)
      multipart-post (~> 1.1.0)
      rack (>= 1.1.0, < 2)
    faraday_middleware (0.3.2)
      faraday (~> 0.5.4)
    ferret (0.11.6)
      rake (> 0.0.0)
    hashie (1.0.0)
    hpricot (0.8.4)
    json (1.5.1-x86-mingw32)
    multi_json (0.0.5)
    multi_xml (0.2.2)
    multipart-post (1.1.0)
    rack (1.1.2)
    rails (2.3.8)
      actionmailer (= 2.3.8)
      actionpack (= 2.3.8)
      activerecord (= 2.3.8)
      activeresource (= 2.3.8)
      activesupport (= 2.3.8)
      rake (>= 0.8.3)
    rake (0.8.7)
    simple_oauth (0.1.4)
    sqlite3 (1.3.3-x86-mingw32)
    sqlite3-ruby (1.3.3)
      sqlite3 (>= 1.3.3)
    twitter (1.2.0)
      faraday (~> 0.5.4)
      faraday_middleware (~> 0.3.2)
      hashie (~> 1.0.0)
      multi_json (~> 0.0.5)
      multi_xml (~> 0.2.0)
      simple_oauth (~> 0.1.4)

PLATFORMS
  x86-mingw32

DEPENDENCIES
  ajaxful_rating
  authlogic
  disqus
  ferret
  hpricot
  rails (= 2.3.8)
  sqlite3-ruby
  twitter
  will_paginate!
